GEM
  remote: http://rubygems.org/
  specs:
    ffi (1.9.6)
    jeweler (0.11.1)
      rubyforge
      schacon-git (>= 1.1.1)
    json_pure (1.8.2)
    rubyforge (2.0.4)
      json_pure (>= 1.1.7)
    schacon-git (1.2.2)
    sqlite3 (0.1.1)
      ffi (>= 0.6.3)

PLATFORMS
  ruby

DEPENDENCIES
  jeweler (~> 0)
  sqlite3 (~> 0)
